GEM
  remote: https://rubygems.org/
  specs:
    coderay (1.1.3)
    dotenv (2.7.6)
    httparty (0.18.1)
      mime-types (~> 3.0)
      multi_xml (>= 0.5.2)
    method_source (1.0.0)
    mime-types (3.4.1)
      mime-types-data (~> 3.2015)
    mime-types-data (3.2021.1115)
    multi_xml (0.6.0)
    pry (0.14.1)
      coderay (~> 1.1)
      method_source (~> 1.0)
    ruby-openai (1.3.1)
      dotenv (~> 2.7.6)
      httparty (~> 0.18.1)

PLATFORMS
  arm64-darwin-20

DEPENDENCIES
  pry
  ruby-openai

BUNDLED WITH
   2.2.27
